GEM
  remote: https://rubygems.org/
  specs:
    actionpack (7.1.4)
      actionview (= 7.1.4)
      activesupport (= 7.1.4)
      rack (~> 2.0, >= 2.2.4)
      rack-test (>= 1.1.0)
      rails-dom-testing (~> 2.0)
      rails-html-sanitizer (~> 1.5)
    actionview (7.1.4)
      activesupport (= 7.1.4)
      builder (~> 3.1)
      erubi (~> 1.4)
      rails-dom-testing (~> 2.0)
      rails-html-sanitizer (~> 1.5)
    activesupport (7.1.4)
      base64
      bigdecimal
      concurrent-ruby (~> 1.0, >= 1.0.2)
      connection_pool (>= 2.2.5)
      drb
      i18n (>= 1.6, < 2)
      minitest (>= 5.1)
      mutex_m
      tzinfo (~> 2.0)
    base64 (0.2.0)
    bigdecimal (3.1.8)
    builder (3.2.4)
    concurrent-ruby (1.3.4)
    connection_pool (2.4.1)
    crass (1.0.6)
    drb (2.2.1)
    erubi (1.11.0)
    i18n (1.14.5)
      concurrent-ruby (~> 1.0)
    loofah (2.22.0)
      crass (~> 1.0.2)
      nokogiri (>= 1.12.0)
    minitest (5.25.1)
    mutex_m (0.2.0)
    nokogiri (1.16.7-x86_64-linux)
      racc (~> 1.4)
    racc (1.8.1)
    rack (2.2.8.1)
    rack-test (1.1.0)
      rack (>= 2.0, < 3)
    rails-dom-testing (2.2.0)
      activesupport (>= 5.0.0)
      minitest
      nokogiri (>= 1.6)
    rails-html-sanitizer (1.5.0)
      loofah (~> 2.19)
    tzinfo (2.0.6)
      concurrent-ruby (~> 1.0)

PLATFORMS
  x86_64-linux

DEPENDENCIES
  actionpack (= 7.1.4)

BUNDLED WITH
   2.4.5
